GIT
  remote: git://github.com/opscode/test-kitchen.git
  revision: afef0da3f08228346a8397b1f534f3d8f054434c
  branch: 1.0
  specs:
    test-kitchen (1.0.0.dev)
      celluloid
      mixlib-shellout
      net-scp
      net-ssh
      pry
      safe_yaml
      thor

GEM
  remote: https://rubygems.org/
  specs:
    activesupport (3.2.13)
      i18n (= 0.6.1)
      multi_json (~> 1.0)
    addressable (2.3.4)
    berkshelf (1.4.0)
      activesupport (>= 3.2.0)
      addressable
      celluloid (>= 0.13.0)
      chozo (>= 0.6.1)
      faraday (>= 0.8.5)
      hashie (>= 2.0.2)
      json (>= 1.5.0)
      minitar
      mixlib-config (~> 1.1)
      mixlib-shellout (~> 1.1)
      multi_json (~> 1.5)
      retryable
      ridley (~> 0.9.0)
      solve (>= 0.4.2)
      thor (~> 0.18.0)
      yajl-ruby
    celluloid (0.13.0)
      timers (>= 1.0.0)
    chozo (0.6.1)
      activesupport (>= 3.2.0)
      hashie (>= 2.0.2)
      multi_json (>= 1.3.0)
    coderay (1.0.9)
    erubis (2.7.0)
    faraday (0.8.7)
      multipart-post (~> 1.1)
    ffi (1.8.1)
    foodcritic (2.1.0)
      erubis
      gherkin (~> 2.11.7)
      nokogiri (~> 1.5.4)
      rak (~> 1.4)
      treetop (~> 1.4.10)
      yajl-ruby (~> 1.1.0)
    gherkin (2.11.8)
      multi_json (~> 1.3)
    hashie (2.0.3)
    i18n (0.6.1)
    json (1.7.7)
    kitchen-vagrant (0.9.0)
      test-kitchen (~> 1.0.0.alpha.2)
    log_switch (0.4.0)
    method_source (0.8.1)
    minitar (0.5.4)
    mixlib-authentication (1.3.0)
      mixlib-log
    mixlib-config (1.1.2)
    mixlib-log (1.6.0)
    mixlib-shellout (1.1.0)
    multi_json (1.7.2)
    multipart-post (1.2.0)
    net-http-persistent (2.8)
    net-scp (1.1.0)
      net-ssh (>= 2.6.5)
    net-ssh (2.6.7)
    nokogiri (1.5.9)
    polyglot (0.3.3)
    pry (0.9.12.1)
      coderay (~> 1.0.5)
      method_source (~> 0.8)
      slop (~> 3.4)
    rak (1.4)
    rb-inotify (0.9.0)
      ffi (>= 0.5.0)
    retryable (1.3.2)
    ridley (0.9.0)
      activesupport (>= 3.2.0)
      addressable
      celluloid (~> 0.13.0)
      chozo (>= 0.6.0)
      erubis
      faraday (>= 0.8.4)
      json (>= 1.5.0)
      mixlib-authentication (>= 1.3.0)
      mixlib-config (>= 1.1.0)
      mixlib-log (>= 1.3.0)
      mixlib-shellout (>= 1.1.0)
      multi_json (>= 1.0.4)
      net-http-persistent (>= 2.8)
      net-ssh
      retryable
      solve (>= 0.4.1)
    safe_yaml (0.9.1)
    slop (3.4.4)
    solve (0.4.2)
      json
    tailor (1.2.1)
      log_switch (>= 0.3.0)
      term-ansicolor (>= 1.0.5)
      text-table (>= 1.2.2)
    term-ansicolor (1.1.5)
    text-table (1.2.3)
    thor (0.18.1)
    thor-foodcritic (0.2.0)
      foodcritic
      thor
    timers (1.1.0)
    treetop (1.4.12)
      polyglot
      polyglot (>= 0.3.1)
    yajl-ruby (1.1.0)

PLATFORMS
  ruby

DEPENDENCIES
  berkshelf
  kitchen-vagrant
  rb-inotify
  tailor
  test-kitchen!
  thor-foodcritic
